PATH
  remote: .
  specs:
    pr_hawk (0.0.1.SNAPSHOT)

GEM
  remote: https://rubygems.org/
  specs:
    backports (3.17.0)
    faraday (0.17.3)
      multipart-post (>= 1.2, < 3)
    multi_json (1.14.1)
    multipart-post (2.1.1)
    mustermann (1.1.1)
      ruby2_keywords (~> 0.0.1)
    parallel (1.19.1)
    rack (2.2.2)
    rack-protection (2.0.8.1)
      rack
    ruby2_keywords (0.0.2)
    sinatra (2.0.8.1)
      mustermann (~> 1.0)
      rack (~> 2.0)
      rack-protection (= 2.0.8.1)
      tilt (~> 2.0)
    sinatra-contrib (2.0.8.1)
      backports (>= 2.8.2)
      multi_json
      mustermann (~> 1.0)
      rack-protection (= 2.0.8.1)
      sinatra (= 2.0.8.1)
      tilt (~> 2.0)
    tilt (2.0.10)

PLATFORMS
  ruby

DEPENDENCIES
  faraday (~> 0.17.0)
  parallel (~> 1.19.1)
  pr_hawk!
  sinatra (~> 2.0.8)
  sinatra-contrib (~> 2.0.8)

BUNDLED WITH
   1.17.3
